GEM
  remote: https://rubygems.org/
  specs:
    rake (10.1.0)
    sugarcube (1.3.4)
    teacup (2.1.12)

PLATFORMS
  ruby

DEPENDENCIES
  rake
  sugarcube
  teacup
